GEM
  remote: https://rubygems.org/
  specs:
    rack (2.2.2)

PLATFORMS
  ruby

DEPENDENCIES
  rack

RUBY VERSION
   ruby 3.3.4p94

BUNDLED WITH
   2.2.21
