GEM
  remote: https://rubygems.org/
  specs:
    rack (2.2.2)

PLATFORMS
  ruby

DEPENDENCIES
  rack (>= 2.0.8)

BUNDLED WITH
   1.16.3
